GEM
  remote: https://rubygems.org/
  specs:
    byebug (3.5.1)
      columnize (~> 0.8)
      debugger-linecache (~> 1.2)
      slop (~> 3.6)
    colorize (0.7.5)
    columnize (0.9.0)
    curses (1.0.1)
    debugger-linecache (1.2.0)
    dispel (0.0.7)
      curses
    slop (3.6.0)

PLATFORMS
  ruby

DEPENDENCIES
  byebug
  colorize
  dispel
